GEM
  remote: https://rubygems.org/
  specs:
    ZenTest (4.11.1)
    autotest (4.4.6)
      ZenTest (>= 4.4.1)
    diff-lcs (1.3)
    mustermann (1.0.0)
    rack (2.0.3)
    rack-protection (2.0.0)
      rack
    rspec (3.3.0)
      rspec-core (~> 3.3.0)
      rspec-expectations (~> 3.3.0)
      rspec-mocks (~> 3.3.0)
    rspec-autotest (1.0.0)
      rspec-core (>= 2.99.0.beta1, < 4.0.0)
    rspec-core (3.3.2)
      rspec-support (~> 3.3.0)
    rspec-expectations (3.3.1)
      diff-lcs (>= 1.2.0, < 2.0)
      rspec-support (~> 3.3.0)
    rspec-mocks (3.3.2)
      diff-lcs (>= 1.2.0, < 2.0)
      rspec-support (~> 3.3.0)
    rspec-support (3.3.0)
    sinatra (2.0.0)
      mustermann (~> 1.0)
      rack (~> 2.0)
      rack-protection (= 2.0.0)
      tilt (~> 2.0)
    sinatra-flash (0.3.0)
      sinatra (>= 1.0.0)
    tilt (2.0.7)

PLATFORMS
  ruby

DEPENDENCIES
  autotest
  rspec (= 3.3.0)
  rspec-autotest (= 1.0.0)
  sinatra (>= 1.4)
  sinatra-flash (= 0.3.0)

BUNDLED WITH
   1.11.2
